PATH
  remote: .
  specs:
    klogger (1.7.0)
      cinch (~> 2.0.3)
      jruby-openssl (~> 0.9.6)
      killbill (~> 4.0.0)
      mail (~> 2.5.3)

GEM
  remote: https://rubygems.org/
  specs:
    cinch (2.0.12)
    diff-lcs (1.1.3)
    ethon (0.7.3)
      ffi (>= 1.3.0)
    ffi (1.9.8-java)
    jbundler (0.4.3)
      maven-tools (~> 0.32.1)
      ruby-maven (~> 3.0.4)
    jruby-openssl (0.9.7-java)
    killbill (4.0.0)
      rack (>= 1.5.2)
      sinatra (~> 1.3.4)
      typhoeus (~> 0.6.9)
      tzinfo (~> 1.2.0)
    mail (2.5.4)
      mime-types (~> 1.16)
      treetop (~> 1.4.8)
    maven-tools (0.32.5)
    mime-types (1.25.1)
    polyglot (0.3.5)
    rack (1.6.1)
    rack-protection (1.5.3)
      rack
    rake (10.4.2)
    rspec (2.12.0)
      rspec-core (~> 2.12.0)
      rspec-expectations (~> 2.12.0)
      rspec-mocks (~> 2.12.0)
    rspec-core (2.12.2)
    rspec-expectations (2.12.1)
      diff-lcs (~> 1.1.3)
    rspec-mocks (2.12.2)
    ruby-maven (3.0.4.1.4)
      maven-tools (~> 0.32.3)
      thor (>= 0.14.6, < 2.0)
    sinatra (1.3.6)
      rack (~> 1.4)
      rack-protection (~> 1.3)
      tilt (~> 1.3, >= 1.3.3)
    thor (0.19.1)
    thread_safe (0.3.5-java)
    tilt (1.4.1)
    treetop (1.4.15)
      polyglot
      polyglot (>= 0.3.1)
    typhoeus (0.6.9)
      ethon (>= 0.7.1)
    tzinfo (1.2.2)
      thread_safe (~> 0.1)

PLATFORMS
  java

DEPENDENCIES
  jbundler (~> 0.4.3)
  klogger!
  rack (>= 1.5.2)
  rake (>= 10.0.0)
  rspec (~> 2.12.0)
